GEM
  remote: http://rubygems.org/
  specs:
    ffi (1.1.5-java)
    httparty (0.9.0)
      multi_json (~> 1.0)
      multi_xml
    multi_json (1.3.6)
    multi_xml (0.5.1)
    rack (1.4.1)
    sys-uname (0.9.0)
      ffi (>= 1.0.0)
    sys-uname (0.9.0-x86-mingw32)

PLATFORMS
  java
  x86-mingw32

DEPENDENCIES
  httparty
  rack
  sys-uname
